PATH
  remote: .
  specs:
    git_pissed (1.0.6)
      ruby-progressbar (~> 1.4.0)

GEM
  remote: https://rubygems.org/
  specs:
    rake (10.1.1)
    ruby-progressbar (1.4.2)

PLATFORMS
  ruby

DEPENDENCIES
  bundler (~> 1.5.0)
  git_pissed!
  rake (~> 10.1.0)
