PATH
  remote: .
  specs:
    git_pissed (1.0.7)
      ruby-progressbar (~> 1.6.1)

GEM
  remote: https://rubygems.org/
  specs:
    rake (10.3.2)
    ruby-progressbar (1.6.1)

PLATFORMS
  ruby

DEPENDENCIES
  bundler (~> 1.7.4)
  git_pissed!
  rake (~> 10.3.2)
